GEM
  remote: https://rubygems.org/
  specs:
    CFPropertyList (2.2.8)
    deep_merge (1.1.1)
    diff-lcs (1.3)
    domain_name (0.5.20190701)
      unf (>= 0.0.5, < 1.0.0)
    extlib (0.9.16)
    ffi (1.9.24)
    highline (2.0.3)
    http-cookie (1.0.3)
      domain_name (~> 0.5)
    json (1.8.6)
    listen (3.0.6)
      rb-fsevent (>= 0.9.3)
      rb-inotify (>= 0.9.7)
    macaddr (1.7.2)
      systemu (~> 2.6.5)
    mime-types (3.3.1)
      mime-types-data (~> 3.2015)
    mime-types-data (3.2019.1009)
    mini_portile2 (2.3.0)
    naturally (1.3.2)
    net-scp (1.2.1)
      net-ssh (>= 2.6.5)
    net-ssh (4.2.0)
    netrc (0.11.0)
    nokogiri (1.8.5)
      mini_portile2 (~> 2.3.0)
    rake (12.0.0)
    rb-fsevent (0.10.3)
    rb-inotify (0.9.10)
      ffi (>= 0.5.0, < 2)
    rdoc (4.2.2)
      json (~> 1.4)
    rest-client (2.0.2)
      http-cookie (>= 1.0.2, < 2.0)
      mime-types (>= 1.16, < 4.0)
      netrc (~> 0.8)
    rhodes (7.1.17)
      CFPropertyList (= 2.2.8)
      deep_merge (= 1.1.1)
      diff-lcs (~> 1.1, >= 1.1.2)
      ffi (= 1.9.24)
      json (= 1.8.6)
      listen (= 3.0.6)
      naturally (= 1.3.2)
      net-scp (= 1.2.1)
      net-ssh (= 4.2.0)
      nokogiri (= 1.8.5)
      rake (= 12.0.0)
      rdoc (= 4.2.2)
      rest-client (= 2.0.2)
      rubyzip (= 1.2.2)
      simctl (= 1.5.6)
      systemu (= 2.6.5)
      templater (= 1.0.0)
      uuid (= 2.3.7)
    rubyzip (1.2.2)
    simctl (1.5.6)
      CFPropertyList
    systemu (2.6.5)
    templater (1.0.0)
      diff-lcs (>= 1.1.2)
      extlib (>= 0.9.5)
      highline (>= 1.4.0)
    unf (0.1.4)
      unf_ext
    unf_ext (0.0.7.7)
    uuid (2.3.7)
      macaddr (~> 1.0)

PLATFORMS
  ruby

DEPENDENCIES
  rhodes

BUNDLED WITH
   1.17.3
